!INTERFILE  :=
!name of data file := /home/evarzaki/PROJECTS/_CLONED_Repositories/STIR_EARL_demo/simind_data/tc99m/nema_ctac.v
!total number of images := 256
!data offset in bytes := 0
!imagedata byte order := LITTLEENDIAN
!number format := short float
!number of bytes per pixel := 4
matrix axis label [1] := x
!matrix size [1] := 256
scaling factor (mm/pixel) [1] := 2.2077
matrix axis label [2] := y
!matrix size [2] := 256
scaling factor (mm/pixel) [2] := 2.2077
;Correct value is of keyword (commented out)
;!slice thickness (pixels) := 1
;Value for Analyze
!slice thickness (pixels) := 2.2077
!END OF INTERFILE :=
