!INTERFILE :=
!imaging modality := nucmed
;# imaging modality 2 := EMS
!originating system := simind
!version of keys := 3.3
program author := M Ljungberg, Lund University
program version := V8.0
  
!GENERAL DATA :=
original institution := Medical Radiation Physics
contact person := M Ljungberg
!data offset in bytes := 0
!name of data file := nema_lu177_tot_w1.a00
patient name := SMC_nema_lu177_tot_w1.a00
!study ID := nema_lu177
data description := EMISSION
;# Radionuclide := lu177
exam type := EMISSION
!patient ID := SIMIND
  
!GENERAL IMAGE DATA :=
patient position := FFS
patient orientation := head_in
;decay corrected := Y
!type of data := tomographic
study date := 2025:10:24
study time := 12:50:03
imagedata byte order := LITTLEENDIAN
;energy window lower level := 101.70
;energy window upper level := 124.30
!total number of images := 120
!number of energy windows := 1
!matrix size [1] := 128
!matrix size [2] := 128
!number format := short float
!number of bytes per pixel := 4
imagedata byte order := LITTLEENDIAN
scaling factor (mm/pixel) [1] := 4.416700
scaling factor (mm/pixel) [2] := 4.416700
;# Image Position First image := -282.6688 -282.6688 282.668800
;# Image Orientation := 1.0 0.0 0.0 0.0 0.0 -1.0
;# Units of data (ECT) := counts
  
!SPECT STUDY (General) :=
number of detector heads := 1
!extent of rotation := 360
!process status := acquired
!number of projections := 120
!number of images/energy window := 120
!time per projection (sec) := 1.000000
image duration (sec) := 120.000000
maximum pixel count := 103.811424
;# total counts := 25569.328656
;# Center of Rotation := 65.000000
  
!SPECT STUDY (acquired data) :=
orbit := noncircular
;# Non-Uniform Orbit File := nema_lu177.cor
acquisition mode := stepped
!direction of rotation := CW
start angle := 0.000000
;# X_offset := 0.000000
  
;# SIMIND-SPECIFIC PARAMETERS :=
;# Intrinsic FWHM for the camera := 5.500000
;# Total activity (MBq) in the slices := 11071.000000
;# Collimator := gi-megp
;# Collimator hole diameter := 3.000000
;# Collimator hole septa := 1.050000
;# Collimator thickness := 58.000000
;# SIMIND: Photon Energy := 208.000000
;# Crystal Thickness := 9.525000
;# SIMIND: Time shift := -9999.000000
  
!END OF INTERFILE :=
